PATH
  remote: .
  specs:
    casino_core (1.0.12)
      activerecord (~> 3.2.9)
      addressable (~> 2.3)
      useragent (~> 0.4)

GEM
  remote: http://rubygems.org/
  specs:
    activemodel (3.2.9)
      activesupport (= 3.2.9)
      builder (~> 3.0.0)
    activerecord (3.2.9)
      activemodel (= 3.2.9)
      activesupport (= 3.2.9)
      arel (~> 3.0.2)
      tzinfo (~> 0.3.29)
    activesupport (3.2.9)
      i18n (~> 0.6)
      multi_json (~> 1.0)
    addressable (2.3.2)
    arel (3.0.2)
    builder (3.0.4)
    crack (0.3.1)
    database_cleaner (0.9.1)
    diff-lcs (1.1.3)
    factory_girl (4.1.0)
      activesupport (>= 3.0.0)
    i18n (0.6.1)
    multi_json (1.5.0)
    nokogiri (1.5.6)
    rake (10.0.3)
    rspec (2.12.0)
      rspec-core (~> 2.12.0)
      rspec-expectations (~> 2.12.0)
      rspec-mocks (~> 2.12.0)
    rspec-core (2.12.2)
    rspec-expectations (2.12.1)
      diff-lcs (~> 1.1.3)
    rspec-mocks (2.12.1)
    simplecov (0.7.1)
      multi_json (~> 1.0)
      simplecov-html (~> 0.7.1)
    simplecov-html (0.7.1)
    sqlite3 (1.3.6)
    tzinfo (0.3.35)
    useragent (0.4.15)
    webmock (1.9.0)
      addressable (>= 2.2.7)
      crack (>= 0.1.7)
    yard (0.8.3)

PLATFORMS
  ruby

DEPENDENCIES
  casino_core!
  database_cleaner (~> 0.9)
  factory_girl (~> 4.1)
  nokogiri (~> 1.5)
  rake (~> 10.0)
  rspec (~> 2.12)
  simplecov (~> 0.7)
  sqlite3 (~> 1.3)
  webmock (~> 1.9)
  yard (~> 0.8)
